GIT
  remote: git://github.com/magiclabs/alchemy-devise.git
  revision: 5da9cbe1a6fba46760d4f5154aa60a68b1e1720e
  branch: master
  specs:
    alchemy-devise (2.0.0)
      alchemy_cms (~> 3.0.0)
      devise (~> 3.0.0)

GIT
  remote: git://github.com/magiclabs/alchemy-usermanual.git
  revision: b17a532f5b6e4d211fc47284bab3f35d0c48b468
  branch: master
  specs:
    alchemy-usermanual (1.0.0)
      alchemy_cms (~> 3.0.0.beta1)
      github-markdown (~> 0.6.3)
      redcarpet

GIT
  remote: git://github.com/magiclabs/alchemy_cms.git
  revision: 1cfc24801c56e47a67c666e2c75fba684f6e15e1
  branch: master
  specs:
    alchemy_cms (3.0.0)
      actionpack-page_caching (~> 1.0.0)
      active_model_serializers (>= 0.8.1, < 0.10.0)
      acts-as-taggable-on (~> 3.1)
      acts_as_list (~> 0.3.0)
      awesome_nested_set (~> 3.0.0.rc.2)
      cancan (~> 1.6.10)
      coffee-rails (~> 4.0.0)
      compass-rails (~> 1.1.2)
      dragonfly (~> 1.0.1)
      jquery-rails (~> 3.1.0)
      jquery-ui-rails (~> 4.1.1)
      kaminari (~> 0.15.0)
      magiclabs-userstamp (~> 2.1.0)
      non-stupid-digest-assets (~> 1.0.3)
      rails (>= 4.0, < 5.0)
      sass-rails (~> 4.0.2)
      sassy-buttons (~> 0.2.6)
      select2-rails (~> 3.4)
      simple_form (~> 3.0.1)
      spinner.rb
      turbolinks (~> 2.0)
      tvdeyen-handles_sortable_columns (~> 0.1.5)
      uglifier (>= 1.3.0)

GIT
  remote: git://github.com/spree/spree.git
  revision: 4bd68763fded471923998830091f892d7eba1d73
  branch: master
  specs:
    spree (2.4.0.beta)
      spree_api (= 2.4.0.beta)
      spree_backend (= 2.4.0.beta)
      spree_cmd (= 2.4.0.beta)
      spree_core (= 2.4.0.beta)
      spree_frontend (= 2.4.0.beta)
      spree_sample (= 2.4.0.beta)
    spree_api (2.4.0.beta)
      rabl (~> 0.9.4.pre1)
      spree_core (= 2.4.0.beta)
      versioncake (~> 2.3.1)
    spree_backend (2.4.0.beta)
      jquery-rails (= 3.1.0)
      jquery-ui-rails (~> 4.1.0)
      select2-rails (~> 3.5.0)
      spree_api (= 2.4.0.beta)
      spree_core (= 2.4.0.beta)
    spree_cmd (2.4.0.beta)
      thor (~> 0.14)
    spree_core (2.4.0.beta)
      activemerchant (~> 1.43.1)
      acts_as_list (= 0.3.0)
      awesome_nested_set (~> 3.0.0.rc.3)
      aws-sdk (= 1.27.0)
      cancancan (~> 1.8.4)
      deface (~> 1.0.0)
      ffaker (~> 1.16)
      font-awesome-rails (~> 4.0)
      friendly_id (~> 5.0.4)
      highline (~> 1.6.18)
      httparty (~> 0.11)
      i18n (= 0.6.9)
      json (~> 1.7)
      kaminari (~> 0.15.0)
      monetize
      paperclip (~> 4.1.1)
      paranoia (~> 2.0)
      rails (~> 4.1.4)
      ransack (~> 1.2.2)
      state_machine (= 1.2.0)
      stringex (~> 1.5.1)
      truncate_html (= 0.9.2)
    spree_frontend (2.4.0.beta)
      canonical-rails (~> 0.0.4)
      jquery-rails (= 3.1.0)
      spree_api (= 2.4.0.beta)
      spree_core (= 2.4.0.beta)
      stringex (~> 1.5.1)
    spree_sample (2.4.0.beta)
      spree_core (= 2.4.0.beta)

GIT
  remote: git://github.com/spree/spree_gateway.git
  revision: 9f64494f297b9f38aef9870aae2c12e409a863ca
  branch: master
  specs:
    spree_gateway (2.3.0.beta)
      spree_core (~> 2.4.0.beta)

GIT
  remote: git://github.com/spree/spree_i18n.git
  revision: ad65d7c57e7ca4af7797fba2df7bccba0ea446be
  branch: master
  specs:
    spree_i18n (3.0.0)
      globalize (~> 4.0.1)
      i18n_data (~> 0.5.1)
      rails-i18n (~> 4.0.1)
      spree_core (~> 2.4.0.beta)

GIT
  remote: git://github.com/tomz/alchemy_spree.git
  revision: 6be341ff99e78183741e7e2fb239fb7f2eb73a69
  branch: master
  specs:
    alchemy_spree (0.3.0.beta)
      alchemy_cms (~> 3.0.0)

GIT
  remote: git://github.com/tomz/better_spree_paypal_express.git
  revision: 2b874b8cffaf30a8bba32721751fe4dc2d601ea8
  branch: master
  specs:
    spree_paypal_express (2.0.3)
      paypal-sdk-merchant (= 1.106.1)
      spree_core (~> 2.4.0.beta)

GIT
  remote: git://github.com/tomz/spree_fancy.git
  revision: 08c5650a3ec4b3139d593beebac18315dee31508
  specs:
    spree_fancy (1.3.0)
      compass-rails
      deface (~> 1.0.0rc3)
      jquery-ui-rails
      spree_core (~> 2.4.0.beta)

GEM
  remote: https://rubygems.org/
  specs:
    actionmailer (4.1.4)
      actionpack (= 4.1.4)
      actionview (= 4.1.4)
      mail (~> 2.5.4)
    actionpack (4.1.4)
      actionview (= 4.1.4)
      activesupport (= 4.1.4)
      rack (~> 1.5.2)
      rack-test (~> 0.6.2)
    actionpack-page_caching (1.0.2)
      actionpack (>= 4.0.0, < 5)
    actionview (4.1.4)
      activesupport (= 4.1.4)
      builder (~> 3.1)
      erubis (~> 2.7.0)
    active_model_serializers (0.8.1)
      activemodel (>= 3.0)
    active_utils (2.2.1)
      activesupport (>= 2.3.11)
      i18n
    activemerchant (1.43.1)
      active_utils (~> 2.0, >= 2.0.1)
      activesupport (>= 2.3.14, < 5.0.0)
      builder (>= 2.1.2, < 4.0.0)
      i18n (~> 0.5)
      json (~> 1.7)
      money (< 7.0.0)
      nokogiri (~> 1.4)
    activemodel (4.1.4)
      activesupport (= 4.1.4)
      builder (~> 3.1)
    activerecord (4.1.4)
      activemodel (= 4.1.4)
      activesupport (= 4.1.4)
      arel (~> 5.0.0)
    activesupport (4.1.4)
      i18n (~> 0.6, >= 0.6.9)
      json (~> 1.7, >= 1.7.7)
      minitest (~> 5.1)
      thread_safe (~> 0.1)
      tzinfo (~> 1.1)
    acts-as-taggable-on (3.3.0)
      activerecord (>= 3, < 5)
    acts_as_list (0.3.0)
      activerecord (>= 3.0)
    addressable (2.3.6)
    arel (5.0.1.20140414130214)
    awesome_nested_set (3.0.0.rc.6)
      activerecord (>= 4.0.0, < 5)
    aws-sdk (1.27.0)
      json (~> 1.4)
      nokogiri (>= 1.4.4)
      uuidtools (~> 2.1)
    bcrypt (3.1.7)
    bcrypt-ruby (3.1.5)
      bcrypt (>= 3.1.3)
    builder (3.2.2)
    cancan (1.6.10)
    cancancan (1.8.4)
    canonical-rails (0.0.7)
      rails (>= 3.1, < 5.0)
    capistrano (2.15.5)
      highline
      net-scp (>= 1.0.0)
      net-sftp (>= 2.0.0)
      net-ssh (>= 2.0.14)
      net-ssh-gateway (>= 1.1.0)
    chunky_png (1.3.1)
    climate_control (0.0.3)
      activesupport (>= 3.0)
    cocaine (0.5.4)
      climate_control (>= 0.0.3, < 1.0)
    coderay (1.1.0)
    coffee-rails (4.0.1)
      coffee-script (>= 2.2.0)
      railties (>= 4.0.0, < 5.0)
    coffee-script (2.3.0)
      coffee-script-source
      execjs
    coffee-script-source (1.7.1)
    colorize (0.7.3)
    compass (0.12.6)
      chunky_png (~> 1.2)
      fssm (>= 0.2.7)
      sass (~> 3.2.19)
    compass-rails (1.1.7)
      compass (>= 0.12.2)
      sprockets (<= 2.11.0)
    deface (1.0.0)
      colorize (>= 0.5.8)
      nokogiri (~> 1.6.0)
      rails (>= 3.1)
    devise (3.0.4)
      bcrypt-ruby (~> 3.0)
      orm_adapter (~> 0.1)
      railties (>= 3.2.6, < 5)
      warden (~> 1.2.3)
    dragonfly (1.0.5)
      multi_json (~> 1.0)
      rack
    dragonfly-s3_data_store (1.0.4)
      dragonfly (~> 1.0)
      fog
    erubis (2.7.0)
    excon (0.38.0)
    execjs (2.2.1)
    ffaker (1.24.0)
    fog (1.22.1)
      fog-brightbox
      fog-core (~> 1.22)
      fog-json
      ipaddress (~> 0.5)
      nokogiri (~> 1.5, >= 1.5.11)
    fog-brightbox (0.1.1)
      fog-core (~> 1.22)
      fog-json
      inflecto
    fog-core (1.23.0)
      builder
      excon (~> 0.38)
      formatador (~> 0.2)
      mime-types
      net-scp (~> 1.1)
      net-ssh (>= 2.1.3)
    fog-json (1.0.0)
      multi_json (~> 1.0)
    font-awesome-rails (4.1.0.0)
      railties (>= 3.2, < 5.0)
    formatador (0.2.5)
    friendly_id (5.0.4)
      activerecord (>= 4.0.0)
    fssm (0.2.10)
    github-markdown (0.6.5)
    globalize (4.0.2)
      activemodel (>= 4.0.0, < 5)
      activerecord (>= 4.0.0, < 5)
    highline (1.6.21)
    hike (1.2.3)
    httparty (0.13.1)
      json (~> 1.8)
      multi_xml (>= 0.5.2)
    i18n (0.6.9)
    i18n_data (0.5.1)
    inflecto (0.0.2)
    ipaddress (0.8.0)
    jquery-rails (3.1.0)
      railties (>= 3.0, < 5.0)
      thor (>= 0.14, < 2.0)
    jquery-ui-rails (4.1.2)
      railties (>= 3.1.0)
    json (1.8.1)
    kaminari (0.15.1)
      actionpack (>= 3.0.0)
      activesupport (>= 3.0.0)
    kgio (2.9.2)
    launchy (2.4.2)
      addressable (~> 2.3)
    letter_opener (1.2.0)
      launchy (~> 2.2)
    magiclabs-userstamp (2.1.0)
    mail (2.5.4)
      mime-types (~> 1.16)
      treetop (~> 1.4.8)
    method_source (0.8.2)
    mime-types (1.25.1)
    mini_portile (0.6.0)
    minitest (5.4.0)
    monetize (0.3.0)
      money (~> 6.1.0.beta1)
    money (6.1.1)
      i18n (~> 0.6.4)
    multi_json (1.10.1)
    multi_xml (0.5.5)
    net-scp (1.2.1)
      net-ssh (>= 2.6.5)
    net-sftp (2.1.2)
      net-ssh (>= 2.6.5)
    net-ssh (2.9.1)
    net-ssh-gateway (1.2.0)
      net-ssh (>= 2.6.5)
    nokogiri (1.6.2.1)
      mini_portile (= 0.6.0)
    non-stupid-digest-assets (1.0.4)
    orm_adapter (0.5.0)
    paperclip (4.1.1)
      activemodel (>= 3.0.0)
      activesupport (>= 3.0.0)
      cocaine (~> 0.5.3)
      mime-types
    paranoia (2.0.2)
      activerecord (~> 4.0)
    paypal-sdk-core (0.2.10)
      multi_json (~> 1.0)
      xml-simple
    paypal-sdk-merchant (1.106.1)
      paypal-sdk-core (~> 0.2.3)
    pg (0.17.1)
    polyamorous (1.0.0)
      activerecord (>= 3.0)
    polyglot (0.3.5)
    pry (0.10.0)
      coderay (~> 1.1.0)
      method_source (~> 0.8.1)
      slop (~> 3.4)
    pry-rails (0.3.2)
      pry (>= 0.9.10)
    quiet_assets (1.0.3)
      railties (>= 3.1, < 5.0)
    rabl (0.9.4.pre1)
      activesupport (>= 2.3.14)
    rack (1.5.2)
    rack-cache (1.2)
      rack (>= 0.4)
    rack-cors (0.2.9)
    rack-test (0.6.2)
      rack (>= 1.0)
    rails (4.1.4)
      actionmailer (= 4.1.4)
      actionpack (= 4.1.4)
      actionview (= 4.1.4)
      activemodel (= 4.1.4)
      activerecord (= 4.1.4)
      activesupport (= 4.1.4)
      bundler (>= 1.3.0, < 2.0)
      railties (= 4.1.4)
      sprockets-rails (~> 2.0)
    rails-i18n (4.0.2)
      i18n (~> 0.6)
      rails (>= 4.0)
      rails (>= 4.0)
      rails (>= 4.0)
    railties (4.1.4)
      actionpack (= 4.1.4)
      activesupport (= 4.1.4)
      rake (>= 0.8.7)
      thor (>= 0.18.1, < 2.0)
    raindrops (0.13.0)
    rake (10.3.2)
    ransack (1.2.3)
      actionpack (>= 3.0)
      activerecord (>= 3.0)
      activesupport (>= 3.0)
      i18n
      polyamorous (~> 1.0.0)
    redcarpet (3.1.2)
    sass (3.2.19)
    sass-rails (4.0.3)
      railties (>= 4.0.0, < 5.0)
      sass (~> 3.2.0)
      sprockets (~> 2.8, <= 2.11.0)
      sprockets-rails (~> 2.0)
    sassy-buttons (0.2.6)
      compass (>= 0.12.2)
    select2-rails (3.5.9)
      thor (~> 0.14)
    simple_form (3.0.2)
      actionpack (~> 4.0)
      activemodel (~> 4.0)
    slop (3.5.0)
    spinner.rb (0.3.0)
    sprockets (2.11.0)
      hike (~> 1.2)
      multi_json (~> 1.0)
      rack (~> 1.0)
      tilt (~> 1.1, != 1.3.0)
    sprockets-rails (2.1.3)
      actionpack (>= 3.0)
      activesupport (>= 3.0)
      sprockets (~> 2.8)
    state_machine (1.2.0)
    stringex (1.5.1)
    thor (0.19.1)
    thread_safe (0.3.4)
    tilt (1.4.1)
    treetop (1.4.15)
      polyglot
      polyglot (>= 0.3.1)
    truncate_html (0.9.2)
    turbolinks (2.2.2)
      coffee-rails
    tvdeyen-handles_sortable_columns (0.1.5)
    tzinfo (1.2.1)
      thread_safe (~> 0.1)
    uglifier (2.5.1)
      execjs (>= 0.3.0)
      json (>= 1.8.0)
    unicorn (4.8.3)
      kgio (~> 2.6)
      rack
      raindrops (~> 0.7)
    uuidtools (2.1.4)
    versioncake (2.3.1)
      actionpack (>= 3.2)
      activesupport (>= 3.2)
      railties (>= 3.2)
      tzinfo
    warden (1.2.3)
      rack (>= 1.0)
    xml-simple (1.1.4)
    zurb-foundation (4.3.2)
      sass (>= 3.2.0)

PLATFORMS
  ruby

DEPENDENCIES
  alchemy-devise!
  alchemy-usermanual!
  alchemy_cms!
  alchemy_spree!
  capistrano (~> 2.15)
  coffee-rails (~> 4.0.0)
  compass-rails
  dragonfly-s3_data_store
  jquery-rails
  letter_opener
  money
  pg
  pry-rails
  quiet_assets
  rack-cache
  rack-cors
  rails (~> 4.1.4)
  sass-rails (~> 4.0.3)
  spree!
  spree_fancy!
  spree_gateway!
  spree_i18n!
  spree_paypal_express!
  turbolinks
  uglifier (>= 1.3.0)
  unicorn
  zurb-foundation
